PATH
  remote: .
  specs:
    boot_slack_bot (0.0.2)

GEM
  remote: https://rubygems.org/
  specs:
    httparty (0.16.2)
      multi_xml (>= 0.5.2)
    multi_xml (0.6.0)
    rake (10.5.0)

PLATFORMS
  ruby

DEPENDENCIES
  boot_slack_bot!
  bundler (~> 1.16)
  httparty
  rake (~> 10.0)

BUNDLED WITH
   1.16.1
